GEM
  remote: https://rubygems.org/
  specs:
    activesupport (6.1.2)
      concurrent-ruby (~> 1.0, >= 1.0.2)
      i18n (>= 1.6, < 2)
      minitest (>= 5.1)
      tzinfo (~> 2.0)
      zeitwerk (~> 2.3)
    addressable (2.6.0)
      public_suffix (>= 2.0.2, < 4.0)
    concurrent-ruby (1.1.8)
    descendants_tracker (0.0.4)
      thread_safe (~> 0.3, >= 0.3.1)
    dotenv (2.7.5)
    faraday (0.15.4)
      multipart-post (>= 1.2, < 3)
    github_api (0.18.2)
      addressable (~> 2.4)
      descendants_tracker (~> 0.0.4)
      faraday (~> 0.8)
      hashie (~> 3.5, >= 3.5.2)
      oauth2 (~> 1.0)
    hashie (3.6.0)
    i18n (1.8.8)
      concurrent-ruby (~> 1.0)
    jwt (2.1.0)
    minitest (5.14.3)
    multi_json (1.13.1)
    multi_xml (0.6.0)
    multipart-post (2.0.0)
    oauth2 (1.4.1)
      faraday (>= 0.8, < 0.16.0)
      jwt (>= 1.0, < 3.0)
      multi_json (~> 1.3)
      multi_xml (~> 0.5)
      rack (>= 1.2, < 3)
    public_suffix (3.0.3)
    rack (2.2.3)
    rainbow (3.0.0)
    rake (13.0.1)
    thread_safe (0.3.6)
    tty-cursor (0.7.1)
    tty-spinner (0.9.3)
      tty-cursor (~> 0.7)
    tzinfo (2.0.4)
      concurrent-ruby (~> 1.0)
    zeitwerk (2.4.2)

PLATFORMS
  ruby

DEPENDENCIES
  activesupport
  dotenv
  github_api
  rainbow
  rake
  tty-spinner

BUNDLED WITH
   1.16.1
